GEM
  remote: http://rubygems.org/
  specs:
    builder (3.0.0)
    chronic (0.3.0)
    curb (0.7.9)
    json (1.4.6)
    nokogiri (1.4.4)
    rack (1.2.1)
    sinatra (1.1.0)
      rack (~> 1.1)
      tilt (~> 1.1)
    tilt (1.1)

PLATFORMS
  ruby

DEPENDENCIES
  builder
  chronic
  curb
  json
  nokogiri
  sinatra
